PATH
  remote: .
  specs:
    abenity_ruby (1.0.0)

GEM
  remote: https://rubygems.org/
  specs:
    mini_portile2 (2.3.0)
    minitest (5.11.3)
    nokogiri (1.8.2)
      mini_portile2 (~> 2.3.0)
    rake (10.5.0)

PLATFORMS
  ruby

DEPENDENCIES
  abenity_ruby!
  bundler (~> 1.16)
  minitest (~> 5.0)
  nokogiri (= 1.8.2)
  rake (~> 10.0)

BUNDLED WITH
   1.16.1
