PATH
  remote: .
  specs:
    abenity_ruby (1.0.5)

GEM
  remote: https://rubygems.org/
  specs:
    mini_portile2 (2.8.5)
    minitest (5.20.0)
    nokogiri (1.15.4)
      mini_portile2 (~> 2.8.2)
      racc (~> 1.4)
    racc (1.7.3)
    rake (13.1.0)

PLATFORMS
  ruby

DEPENDENCIES
  abenity_ruby!
  bundler (~> 1.16)
  minitest (~> 5.0)
  nokogiri (~> 1.15)
  rake (~> 13.0)

BUNDLED WITH
   1.17.3
