PATH
  remote: .
  specs:
    abenity_ruby (1.0.2)

GEM
  remote: https://rubygems.org/
  specs:
    mini_portile2 (2.8.0)
    minitest (5.11.3)
    nokogiri (1.13.10)
      mini_portile2 (~> 2.8.0)
      racc (~> 1.4)
    racc (1.6.1)
    rake (13.0.1)

PLATFORMS
  ruby

DEPENDENCIES
  abenity_ruby!
  bundler (~> 1.16)
  minitest (~> 5.0)
  nokogiri (= 1.13.10)
  rake (~> 13.0)

BUNDLED WITH
   1.16.1
